GEM
  remote: https://rubygems.org/
  specs:
    foreman (0.82.0)
      thor (~> 0.19.1)
    puma (3.4.0)
    rack (1.3.4)
    rack-protection (1.1.2)
      rack
    redis (2.2.2)
    sinatra (1.3.0)
      rack (~> 1.3)
      rack-protection (~> 1.1)
      tilt (~> 1.3)
    thor (0.19.1)
    tilt (1.3.3)

PLATFORMS
  ruby

DEPENDENCIES
  foreman
  puma
  redis
  sinatra

BUNDLED WITH
   1.11.2
